{
  "InstitutionAddress": "1901 East Rd, Houston, TX 77054",
  "InstitutionName": "MD Anderson Cancer Research Center",
  "InstitutionalDepartmentName": "Department of Palliative, Rehabilitation and Integrative Medicine, Division of Cancer Medicine",
  "PowerLineFrequency": 60,
  "ManufacturersModelName": "ActiChamp Plus 64 System",
  "EEGChannelCount": 64,
  "ECGChannelCount": 1,
  "RecordingType": "continuous",
  "TaskName": "mixed",
  "EEGReference": "common",
  "RecordingDuration": 120,
  "SamplingFrequency": 500,
  "SoftwareFilters": "n\/a"
}